PATH
  remote: .
  specs:
    chatty_crow (1.3.1)
      mime-types (>= 1)
      multi_json (~> 1.0)
      rest-client (~> 1.7.2)

GEM
  remote: http://rubygems.org/
  specs:
    actionpack (4.0.13)
      activesupport (= 4.0.13)
      builder (~> 3.1.0)
      erubis (~> 2.7.0)
      rack (~> 1.5.2)
      rack-test (~> 0.6.2)
    activemodel (4.0.13)
      activesupport (= 4.0.13)
      builder (~> 3.1.0)
    activesupport (4.0.13)
      i18n (~> 0.6, >= 0.6.9)
      minitest (~> 4.2)
      multi_json (~> 1.3)
      thread_safe (~> 0.1)
      tzinfo (~> 0.3.37)
    addressable (2.3.8)
    builder (3.1.4)
    coveralls (0.8.10)
      json (~> 1.8)
      rest-client (>= 1.6.8, < 2)
      simplecov (~> 0.11.0)
      term-ansicolor (~> 1.3)
      thor (~> 0.19.1)
      tins (~> 1.6.0)
    diff-lcs (1.2.5)
    docile (1.1.5)
    erubis (2.7.0)
    fakeweb (1.3.0)
    i18n (0.7.0)
    json (1.8.3)
    json-schema (2.5.2)
      addressable (~> 2.3.8)
    mime-types (2.99)
    minitest (4.7.5)
    minitest-spec-expect (0.1.1)
      minitest (>= 2.4)
    minitest_should (0.3.1)
    multi_json (1.11.2)
    netrc (0.11.0)
    rack (1.5.5)
    rack-test (0.6.3)
      rack (>= 1.0)
    railties (4.0.13)
      actionpack (= 4.0.13)
      activesupport (= 4.0.13)
      rake (>= 0.8.7)
      thor (>= 0.18.1, < 2.0)
    rake (10.4.2)
    rest-client (1.7.3)
      mime-types (>= 1.16, < 3.0)
      netrc (~> 0.7)
    rspec-collection_matchers (1.1.2)
      rspec-expectations (>= 2.99.0.beta1)
    rspec-core (2.99.2)
    rspec-expectations (2.99.2)
      diff-lcs (>= 1.1.3, < 2.0)
    rspec-mocks (2.99.4)
    rspec-rails (2.99.0)
      actionpack (>= 3.0)
      activemodel (>= 3.0)
      activesupport (>= 3.0)
      railties (>= 3.0)
      rspec-collection_matchers
      rspec-core (~> 2.99.0)
      rspec-expectations (~> 2.99.0)
      rspec-mocks (~> 2.99.0)
    simplecov (0.11.1)
      docile (~> 1.1.0)
      json (~> 1.8)
      simplecov-html (~> 0.10.0)
    simplecov-html (0.10.0)
    term-ansicolor (1.3.2)
      tins (~> 1.0)
    thor (0.19.1)
    thread_safe (0.3.5)
    tins (1.6.0)
    tzinfo (0.3.46)

PLATFORMS
  ruby

DEPENDENCIES
  chatty_crow!
  coveralls (~> 0.7)
  fakeweb (~> 1.3)
  json-schema (~> 2.2)
  minitest (~> 4.6)
  minitest-spec-expect (~> 0.1)
  minitest_should (~> 0.3)
  rspec-rails (~> 2.14)
  simplecov (~> 0.9)

BUNDLED WITH
   1.10.6
