PATH
  remote: .
  specs:
    ChattyCrow (1.0.0)
      multi_json (~> 1.10.1)
      rest_client (~> 1.7.3)

GEM
  remote: http://rubygems.org/
  specs:
    actionpack (3.2.19)
      activemodel (= 3.2.19)
      activesupport (= 3.2.19)
      builder (~> 3.0.0)
      erubis (~> 2.7.0)
      journey (~> 1.0.4)
      rack (~> 1.4.5)
      rack-cache (~> 1.2)
      rack-test (~> 0.6.1)
      sprockets (~> 2.2.1)
    activemodel (3.2.19)
      activesupport (= 3.2.19)
      builder (~> 3.0.0)
    activesupport (3.2.19)
      i18n (~> 0.6, >= 0.6.4)
      multi_json (~> 1.0)
    builder (3.0.4)
    coveralls (0.7.0)
      multi_json (~> 1.3)
      rest-client
      simplecov (>= 0.7)
      term-ansicolor
      thor
    diff-lcs (1.1.3)
    docile (1.1.5)
    erubis (2.7.0)
    fakeweb (1.3.0)
    hike (1.2.3)
    i18n (0.6.11)
    journey (1.0.4)
    json (1.8.1)
    json-schema (2.2.4)
    mime-types (2.3)
    minitest (4.6.2)
    minitest_should (0.3.1)
    multi_json (1.10.1)
    netrc (0.7.7)
    rack (1.4.5)
    rack-cache (1.2)
      rack (>= 0.4)
    rack-ssl (1.3.4)
      rack
    rack-test (0.6.2)
      rack (>= 1.0)
    railties (3.2.19)
      actionpack (= 3.2.19)
      activesupport (= 3.2.19)
      rack-ssl (~> 1.3.2)
      rake (>= 0.8.7)
      rdoc (~> 3.4)
      thor (>= 0.14.6, < 2.0)
    rake (10.3.2)
    rdoc (3.12.2)
      json (~> 1.4)
    rest-client (1.7.2)
      mime-types (>= 1.16, < 3.0)
      netrc (~> 0.7)
    rest_client (1.7.3)
      netrc (~> 0.7.7)
    rspec (2.6.0)
      rspec-core (~> 2.6.0)
      rspec-expectations (~> 2.6.0)
      rspec-mocks (~> 2.6.0)
    rspec-core (2.6.4)
    rspec-expectations (2.6.0)
      diff-lcs (~> 1.1.2)
    rspec-mocks (2.6.0)
    rspec-rails (2.6.1)
      actionpack (~> 3.0)
      activesupport (~> 3.0)
      railties (~> 3.0)
      rspec (~> 2.6.0)
    simplecov (0.9.0)
      docile (~> 1.1.0)
      multi_json
      simplecov-html (~> 0.8.0)
    simplecov-html (0.8.0)
    sprockets (2.2.2)
      hike (~> 1.2)
      multi_json (~> 1.0)
      rack (~> 1.0)
      tilt (~> 1.1, != 1.3.0)
    term-ansicolor (1.3.0)
      tins (~> 1.0)
    thor (0.19.1)
    tilt (1.4.1)
    tins (1.3.0)

PLATFORMS
  ruby

DEPENDENCIES
  ChattyCrow!
  coveralls
  fakeweb (~> 1.3.0)
  json-schema (~> 2.2.4)
  minitest (~> 4.6.1)
  minitest_should (~> 0.3.1)
  rspec-rails
